GEM
  remote: https://rubygems.org/
  specs:
    coderay (1.1.0)
    diff-lcs (1.2.5)
    inch (0.4.10)
      pry
      sparkr (>= 0.2.0)
      term-ansicolor
      yard (~> 0.8.7)
    method_source (0.8.2)
    pry (0.10.1)
      coderay (~> 1.1.0)
      method_source (~> 0.8.1)
      slop (~> 3.4)
    rake (10.4.2)
    rspec (3.2.0)
      rspec-core (~> 3.2.0)
      rspec-expectations (~> 3.2.0)
      rspec-mocks (~> 3.2.0)
    rspec-core (3.2.1)
      rspec-support (~> 3.2.0)
    rspec-expectations (3.2.0)
      diff-lcs (>= 1.2.0, < 2.0)
      rspec-support (~> 3.2.0)
    rspec-mocks (3.2.1)
      diff-lcs (>= 1.2.0, < 2.0)
      rspec-support (~> 3.2.0)
    rspec-support (3.2.2)
    slop (3.6.0)
    sparkr (0.4.1)
    term-ansicolor (1.3.0)
      tins (~> 1.0)
    tins (1.3.5)
    yard (0.8.7.6)

PLATFORMS
  ruby

DEPENDENCIES
  inch (~> 0.4.0)
  rake (~> 10.0)
  rspec (~> 3.0)
